PATH
  remote: .
  specs:
    rsmp_schema (0.8.8)
      json_schemer (~> 2.3.0)
      thor (~> 1.3.1)

GEM
  remote: https://rubygems.org/
  specs:
    bigdecimal (3.2.2)
    diff-lcs (1.6.2)
    hana (1.3.7)
    json_schemer (2.3.0)
      bigdecimal
      hana (~> 1.3)
      regexp_parser (~> 2.0)
      simpleidn (~> 0.2)
    rake (13.2.1)
    regexp_parser (2.11.2)
    rspec (3.13.1)
      rspec-core (~> 3.13.0)
      rspec-expectations (~> 3.13.0)
      rspec-mocks (~> 3.13.0)
    rspec-core (3.13.5)
      rspec-support (~> 3.13.0)
    rspec-expectations (3.13.5)
      diff-lcs (>= 1.2.0, < 2.0)
      rspec-support (~> 3.13.0)
    rspec-mocks (3.13.5)
      diff-lcs (>= 1.2.0, < 2.0)
      rspec-support (~> 3.13.0)
    rspec-support (3.13.5)
    simpleidn (0.2.3)
    thor (1.3.2)

PLATFORMS
  ruby

DEPENDENCIES
  rake (~> 13.2.1)
  rsmp_schema!
  rspec (~> 3.13.0)
  rspec-expectations (~> 3.13.0)

BUNDLED WITH
   2.5.11
