PATH
  remote: .
  specs:
    rsmp_schema (0.8.6)
      json_schemer (~> 2.3.0)
      thor (~> 1.3.1)

GEM
  remote: https://rubygems.org/
  specs:
    bigdecimal (3.1.8)
    diff-lcs (1.5.1)
    hana (1.3.7)
    json_schemer (2.3.0)
      bigdecimal
      hana (~> 1.3)
      regexp_parser (~> 2.0)
      simpleidn (~> 0.2)
    rake (13.2.1)
    regexp_parser (2.8.2)
    rspec (3.13.0)
      rspec-core (~> 3.13.0)
      rspec-expectations (~> 3.13.0)
      rspec-mocks (~> 3.13.0)
    rspec-core (3.13.0)
      rspec-support (~> 3.13.0)
    rspec-expectations (3.13.0)
      diff-lcs (>= 1.2.0, < 2.0)
      rspec-support (~> 3.13.0)
    rspec-mocks (3.13.1)
      diff-lcs (>= 1.2.0, < 2.0)
      rspec-support (~> 3.13.0)
    rspec-support (3.13.1)
    simpleidn (0.2.1)
      unf (~> 0.1.4)
    thor (1.3.1)
    unf (0.1.4)
      unf_ext
    unf_ext (0.0.9.1)

PLATFORMS
  ruby

DEPENDENCIES
  rake (~> 13.2.1)
  rsmp_schema!
  rspec (~> 3.13.0)
  rspec-expectations (~> 3.13.0)

BUNDLED WITH
   2.5.11
